GEM
  remote: https://rubygems.org/
  specs:
    celluloid (0.16.0)
      timers (~> 4.0.0)
    concurrent-ruby (1.1.10)
    crass (1.0.6)
    daemons (1.4.1)
    erubis (2.7.0)
    eventmachine (1.2.7)
    execjs (2.7.0)
    faraday (0.17.5)
      multipart-post (>= 1.2, < 3)
    faye-websocket (0.11.1)
      eventmachine (>= 0.12.0)
      websocket-driver (>= 0.5.1)
    ffi (1.15.5)
    hitimes (2.0.0)
    i18n (1.12.0)
      concurrent-ruby (~> 1.0)
    image_size (2.0.2)
    ipaddress_2 (0.13.0)
    json (2.6.2)
    listen (2.10.1)
      celluloid (~> 0.16.0)
      rb-fsevent (>= 0.9.3)
      rb-inotify (>= 0.9)
    loofah (2.3.1)
      crass (~> 1.0.2)
      nokogiri (>= 1.5.9)
    marcel (1.0.2)
    multipart-post (2.2.3)
    mustermann (2.0.2)
      ruby2_keywords (~> 0.0.1)
    nokogiri (1.13.10-arm64-darwin)
      racc (~> 1.4)
    nokogiri (1.13.10-x86_64-linux)
      racc (~> 1.4)
    racc (1.6.1)
    rack (2.2.6.4)
    rack-livereload (0.3.17)
      rack
    rack-protection (2.2.3)
      rack
    rake (13.0.6)
    rb-fsevent (0.11.2)
    rb-inotify (0.9.10)
      ffi (>= 0.5.0, < 2)
    ruby2_keywords (0.0.5)
    rubyzip (2.3.2)
    sass (3.7.4)
      sass-listen (~> 4.0.0)
    sass-listen (4.0.0)
      rb-fsevent (~> 0.9, >= 0.9.4)
      rb-inotify (~> 0.9, >= 0.9.7)
    sassc (2.4.0)
      ffi (~> 1.9)
    sinatra (2.2.3)
      mustermann (~> 2.0)
      rack (~> 2.2)
      rack-protection (= 2.2.3)
      tilt (~> 2.0)
    sinatra-cross_origin (0.3.2)
    thin (1.8.1)
      daemons (~> 1.0, >= 1.0.9)
      eventmachine (~> 1.0, >= 1.0.4)
      rack (>= 1, < 3)
    thor (0.19.4)
    tilt (2.0.11)
    timers (4.0.4)
      hitimes
    websocket-driver (0.7.5)
      websocket-extensions (>= 0.1.0)
    websocket-extensions (0.1.5)
    zendesk_apps_support (4.32.0)
      erubis
      i18n
      image_size (~> 2.0.2)
      ipaddress_2 (~> 0.13.0)
      json
      loofah (~> 2.3.1)
      marcel
      nokogiri
      rb-inotify (= 0.9.10)
      sass
      sassc
    zendesk_apps_tools (3.8.14)
      execjs (~> 2.7.0)
      faraday (~> 0.17.5)
      faye-websocket (>= 0.10.7, < 0.12.0)
      listen (~> 2.10)
      rack-livereload
      rubyzip (>= 1.2.1, < 2.4.0)
      sinatra (>= 1.4.6, < 2.3.0)
      sinatra-cross_origin (~> 0.3.1)
      thin (~> 1.8.0)
      thor (~> 0.19.4)
      zendesk_apps_support (~> 4.32.0)

PLATFORMS
  arm64-darwin-21
  x86_64-linux

DEPENDENCIES
  rake
  zendesk_apps_tools

BUNDLED WITH
   2.3.22
